GEM
  remote: http://rubygems.org/
  specs:
    activemodel (3.2.1)
      activesupport (= 3.2.1)
      builder (~> 3.0.0)
    activesupport (3.2.1)
      i18n (~> 0.6)
      multi_json (~> 1.0)
    addressable (2.2.7)
    bson (1.5.2)
    builder (3.0.0)
    diff-lcs (1.1.3)
    git (1.2.5)
    haml (3.1.4)
    i18n (0.6.0)
    jeweler (1.6.4)
      bundler (~> 1.0)
      git (>= 1.2.5)
      rake
    launchy (2.0.5)
      addressable (~> 2.2.6)
    mongo (1.5.2)
      bson (= 1.5.2)
    mongoid (2.4.4)
      activemodel (~> 3.1)
      mongo (~> 1.3)
      tzinfo (~> 0.3.22)
    multi_json (1.1.0)
    rack (1.4.1)
    rack-protection (1.2.0)
      rack
    rake (0.9.2.2)
    rspec (2.3.0)
      rspec-core (~> 2.3.0)
      rspec-expectations (~> 2.3.0)
      rspec-mocks (~> 2.3.0)
    rspec-core (2.3.1)
    rspec-expectations (2.3.0)
      diff-lcs (~> 1.1.2)
    rspec-mocks (2.3.0)
    sass (3.1.15)
    sinatra (1.3.2)
      rack (~> 1.3, >= 1.3.6)
      rack-protection (~> 1.2)
      tilt (~> 1.3, >= 1.3.3)
    tilt (1.3.3)
    tzinfo (0.3.31)
    yard (0.6.8)

PLATFORMS
  ruby

DEPENDENCIES
  bundler (~> 1.0.0)
  haml
  jeweler (~> 1.6.0)
  launchy
  mongoid
  rack (>= 1.0.0)
  rspec (~> 2.3.0)
  sass
  sinatra
  yard (~> 0.6.0)
